GEM
  remote: https://rubygems.org/
  specs:
    accentless (1.0.0)
    backports (3.8.0)
    coderay (1.1.1)
    coffee-script (2.4.1)
      coffee-script-source
      execjs
    coffee-script-source (1.12.2)
    concurrent-ruby (1.0.3)
    dalli (2.7.6)
    database_cleaner (1.5.3)
    execjs (2.7.0)
    google-id-token (1.3.1)
      jwt
      multi_json
    httpi (2.4.2)
      rack
      socksify
    jwt (1.5.6)
    metaclass (0.0.4)
    method_source (0.8.2)
    minitest (5.8.3)
    mocha (1.2.1)
      metaclass (~> 0.0.1)
    multi_json (1.12.1)
    naturally (2.1.0)
    oauth (0.5.3)
    overpass-api-ruby (0.2)
      httpi (~> 2.4.0)
    pg (0.19.0)
    pry (0.10.4)
      coderay (~> 1.1.0)
      method_source (~> 0.8.1)
      slop (~> 3.4)
    rack (1.6.5)
    rack-cache (1.7.0)
      rack (>= 0.4)
    rack-protection (1.5.3)
      rack
    rack-test (0.6.3)
      rack (>= 1.0)
    rake (11.3.0)
    sass (3.4.22)
    sequel (4.41.0)
    sinatra (1.4.7)
      rack (~> 1.5)
      rack-protection (~> 1.4)
      tilt (>= 1.3, < 3)
    sinatra-asset-pipeline (1.0.2)
      coffee-script (~> 2.4)
      rake (~> 11.2)
      sass (~> 3.4)
      sinatra (~> 1.4)
      sprockets (~> 3.6)
      sprockets-helpers (~> 1.1)
    sinatra-contrib (1.4.7)
      backports (>= 2.0)
      multi_json
      rack-protection
      rack-test
      sinatra (~> 1.4.0)
      tilt (>= 1.3, < 3)
    slop (3.6.0)
    socksify (1.7.1)
    sprockets (3.7.0)
      concurrent-ruby (~> 1.0)
      rack (> 1, < 3)
    sprockets-helpers (1.2.1)
      sprockets (>= 2.2)
    tilt (2.0.5)
    timecop (0.8.1)

PLATFORMS
  ruby

DEPENDENCIES
  accentless
  dalli
  database_cleaner
  google-id-token
  jwt
  minitest
  mocha
  naturally
  oauth
  overpass-api-ruby
  pg
  pry
  rack-cache
  rack-test
  rake
  sequel
  sinatra
  sinatra-asset-pipeline (>= 1.0.2)
  sinatra-contrib
  timecop

RUBY VERSION
   ruby 2.3.0p0

BUNDLED WITH
   1.13.6
