GEM
  remote: https://rubygems.org/
  specs:
    accentless (1.0.0)
    addressable (2.5.2)
      public_suffix (>= 2.0.2, < 4.0)
    backports (3.18.1)
    builder (3.2.3)
    coderay (1.1.1)
    coffee-script (2.4.1)
      coffee-script-source
      execjs
    coffee-script-source (1.12.2)
    concurrent-ruby (1.1.6)
    dalli (2.7.6)
    database_cleaner (1.5.3)
    excon (0.71.0)
    execjs (2.7.0)
    ffi (1.13.1)
    fog-aws (2.0.0)
      fog-core (~> 1.38)
      fog-json (~> 1.0)
      fog-xml (~> 0.1)
      ipaddress (~> 0.8)
    fog-core (1.45.0)
      builder
      excon (~> 0.58)
      formatador (~> 0.2)
    fog-json (1.0.2)
      fog-core (~> 1.0)
      multi_json (~> 1.10)
    fog-xml (0.1.3)
      fog-core
      nokogiri (>= 1.5.11, < 2.0.0)
    formatador (0.2.5)
    google-id-token (1.3.1)
      jwt
      multi_json
    http-accept (1.7.0)
    httpi (2.4.4)
      rack
      socksify
    i18n (1.8.3)
      concurrent-ruby (~> 1.0)
    ipaddress (0.8.3)
    jwt (1.5.6)
    kgio (2.11.1)
    metaclass (0.0.4)
    method_source (0.8.2)
    mime-types (3.1)
      mime-types-data (~> 3.2015)
    mime-types-data (3.2016.0521)
    mini_portile2 (2.4.0)
    minitest (5.8.3)
    mocha (1.2.1)
      metaclass (~> 0.0.1)
    multi_json (1.15.0)
    mustermann (1.1.1)
      ruby2_keywords (~> 0.0.1)
    naturally (2.1.0)
    nokogiri (1.10.8)
      mini_portile2 (~> 2.4.0)
    oauth (0.5.3)
    oj (3.7.1)
    overpass-api-ruby (0.3.1)
      httpi (~> 2.4)
    pg (0.19.0)
    pry (0.10.4)
      coderay (~> 1.1.0)
      method_source (~> 0.8.1)
      slop (~> 3.4)
    public_suffix (3.0.2)
    rack (2.2.3)
    rack-cache (1.7.0)
      rack (>= 0.4)
    rack-protection (2.0.8.1)
      rack
    rack-ssl-enforcer (0.2.9)
    rack-test (1.1.0)
      rack (>= 1.0, < 3)
    raindrops (0.19.0)
    rake (12.3.3)
    rb-fsevent (0.10.4)
    rb-inotify (0.10.1)
      ffi (~> 1.0)
    ruby2_keywords (0.0.2)
    sass (3.7.4)
      sass-listen (~> 4.0.0)
    sass-listen (4.0.0)
      rb-fsevent (~> 0.9, >= 0.9.4)
      rb-inotify (~> 0.9, >= 0.9.7)
    sequel (4.41.0)
    sinatra (2.0.8.1)
      mustermann (~> 1.0)
      rack (~> 2.0)
      rack-protection (= 2.0.8.1)
      tilt (~> 2.0)
    sinatra-asset-pipeline (2.2.0)
      coffee-script (~> 2.4)
      rake (~> 12.3)
      sass (~> 3.5)
      sinatra (~> 2.0)
      sprockets (~> 3.7)
      sprockets-helpers (~> 1.2)
    sinatra-contrib (2.0.8.1)
      backports (>= 2.8.2)
      multi_json
      mustermann (~> 1.0)
      rack-protection (= 2.0.8.1)
      sinatra (= 2.0.8.1)
      tilt (~> 2.0)
    sitemap_generator (6.0.1)
      builder (~> 3.0)
    slop (3.6.0)
    socksify (1.7.1)
    sprockets (3.7.2)
      concurrent-ruby (~> 1.0)
      rack (> 1, < 3)
    sprockets-helpers (1.3.0)
      sprockets (>= 2.2)
    tilt (2.0.10)
    timecop (0.8.1)
    unicorn (5.4.0)
      kgio (~> 2.6)
      raindrops (~> 0.7)

PLATFORMS
  ruby

DEPENDENCIES
  accentless
  addressable
  dalli
  database_cleaner
  fog-aws
  google-id-token
  http-accept
  i18n (~> 1.8)
  jwt
  mime-types
  minitest
  mocha
  naturally
  oauth
  oj
  overpass-api-ruby
  pg
  pry
  rack-cache
  rack-ssl-enforcer
  rack-test
  rake
  sequel
  sinatra
  sinatra-asset-pipeline (>= 2.2.0)
  sinatra-contrib
  sitemap_generator
  timecop
  unicorn

RUBY VERSION
   ruby 2.6.6p146

BUNDLED WITH
   2.1.4
